GEM
  remote: https://rubygems.org/
  specs:
    google-protobuf (3.14.0)
    httparty (0.13.7)
      json (~> 1.8)
      multi_xml (>= 0.5.2)
    json (1.8.6)
    multi_xml (0.6.0)

PLATFORMS
  ruby

DEPENDENCIES
  google-protobuf (~> 3.13)
  httparty (~> 0.13.7)

RUBY VERSION
   ruby 2.7.1p83

BUNDLED WITH
   2.1.4
